GEM
  remote: https://rubygems.org/
  specs:
    activesupport (6.1.7.1)
      concurrent-ruby (~> 1.0, >= 1.0.2)
      i18n (>= 1.6, < 2)
      minitest (>= 5.1)
      tzinfo (~> 2.0)
      zeitwerk (~> 2.3)
    blankslate (2.1.2.4)
    bootstrap-sass (3.1.1.0)
      sass (~> 3.2)
    classifier (1.3.4)
      fast-stemmer (>= 1.0.0)
    coffee-script (2.2.0)
      coffee-script-source
      execjs
    coffee-script-source (1.7.0)
    colorator (0.1)
    commander (4.1.6)
      highline (~> 1.6.11)
    concurrent-ruby (1.1.10)
    execjs (2.0.2)
    fast-stemmer (1.0.2)
    ffi (1.9.3)
    highline (1.6.21)
    hike (1.2.3)
    i18n (1.12.0)
      concurrent-ruby (~> 1.0)
    jekyll (1.4.3)
      classifier (~> 1.3)
      colorator (~> 0.1)
      commander (~> 4.1.3)
      liquid (~> 2.5.5)
      listen (~> 1.3)
      maruku (~> 0.7.0)
      pygments.rb (~> 0.5.0)
      redcarpet (~> 2.3.0)
      safe_yaml (~> 0.9.7)
      toml (~> 0.1.0)
    jekyll-assets (0.7.7)
      jekyll (~> 1.0)
      sprockets (~> 2.10)
    json (1.8.1)
    libv8 (3.16.14.3)
    liquid (2.5.5)
    listen (1.3.1)
      rb-fsevent (>= 0.9.3)
      rb-inotify (>= 0.9)
      rb-kqueue (>= 0.2)
    maruku (0.7.1)
    minitest (5.17.0)
    multi_json (1.15.0)
    parslet (1.5.0)
      blankslate (~> 2.0)
    posix-spawn (0.3.8)
    pygments.rb (0.5.4)
      posix-spawn (~> 0.3.6)
      yajl-ruby (~> 1.1.0)
    rack (1.5.2)
    rb-fsevent (0.9.4)
    rb-inotify (0.9.3)
      ffi (>= 0.5.0)
    rb-kqueue (0.2.2)
      ffi (>= 0.5.0)
    redcarpet (2.3.0)
    ref (1.0.5)
    safe_yaml (0.9.7)
    sass (3.3.4)
    sprockets (2.12.0)
      hike (~> 1.2)
      multi_json (~> 1.0)
      rack (~> 1.0)
      tilt (~> 1.1, != 1.3.0)
    therubyracer (0.12.1)
      libv8 (~> 3.16.14.0)
      ref
    tilt (1.4.1)
    toml (0.1.1)
      parslet (~> 1.5.0)
    tzinfo (2.0.5)
      concurrent-ruby (~> 1.0)
    uglifier (2.5.0)
      execjs (>= 0.3.0)
      json (>= 1.8.0)
    yajl-ruby (1.1.0)
    zeitwerk (2.6.6)

PLATFORMS
  ruby

DEPENDENCIES
  activesupport (= 6.1.7.1)
  bootstrap-sass (~> 3.1.1)
  coffee-script
  jekyll
  jekyll-assets
  redcarpet
  sass
  therubyracer
  uglifier
